PATH
  remote: .
  specs:
    semaphore_client_generator (0.1.0)
      activesupport
      byebug

GEM
  remote: https://rubygems.org/
  specs:
    activesupport (4.2.9)
      i18n (~> 0.7)
      minitest (~> 5.1)
      thread_safe (~> 0.3, >= 0.3.4)
      tzinfo (~> 1.1)
    byebug (9.0.6)
    diff-lcs (1.3)
    i18n (0.8.6)
    minitest (5.10.3)
    rake (10.5.0)
    rspec (3.6.0)
      rspec-core (~> 3.6.0)
      rspec-expectations (~> 3.6.0)
      rspec-mocks (~> 3.6.0)
    rspec-core (3.6.0)
      rspec-support (~> 3.6.0)
    rspec-expectations (3.6.0)
      diff-lcs (>= 1.2.0, < 2.0)
      rspec-support (~> 3.6.0)
    rspec-mocks (3.6.0)
      diff-lcs (>= 1.2.0, < 2.0)
      rspec-support (~> 3.6.0)
    rspec-support (3.6.0)
    thread_safe (0.3.6)
    tzinfo (1.2.3)
      thread_safe (~> 0.1)

PLATFORMS
  ruby

DEPENDENCIES
  bundler (~> 1.14)
  rake (~> 10.0)
  rspec (~> 3.0)
  semaphore_client_generator!

BUNDLED WITH
   1.15.3
