GEM
  remote: https://rubygems.org/
  specs:
    activesupport (4.2.4)
      i18n (~> 0.7)
      json (~> 1.7, >= 1.7.7)
      minitest (~> 5.1)
      thread_safe (~> 0.3, >= 0.3.4)
      tzinfo (~> 1.1)
    charlock_holmes (0.7.3)
    erubis (2.7.0)
    escape_utils (1.1.0)
    git-version-bump (0.15.1)
    github-linguist (4.6.0)
      charlock_holmes (~> 0.7.3)
      escape_utils (~> 1.1.0)
      mime-types (>= 1.19)
      rugged (>= 0.23.0b)
    github-markdown (0.6.9)
    github-markup (1.4.0)
    html-pipeline (2.0)
      activesupport (>= 2, < 5)
      nokogiri (>= 1.4, <= 1.6.5)
    i18n (0.7.0)
    json (1.8.3)
    json_schema (0.7.0)
    mime-types (2.6.2)
    mini_portile (0.6.2)
    minitest (5.8.0)
    nokogiri (1.6.5)
      mini_portile (~> 0.6.0)
    posix-spawn (0.3.11)
    prmd (0.8.0)
      erubis (~> 2.7)
      json_schema (~> 0.3, >= 0.3.1)
    pygments.rb (0.6.3)
      posix-spawn (~> 0.3.6)
      yajl-ruby (~> 1.2.0)
    rack (1.6.4)
    rack-contrib (1.4.0)
      git-version-bump (~> 0.15)
      rack (~> 1.4)
    rake (10.4.2)
    redcarpet (3.3.2)
    rugged (0.23.2)
    thread_safe (0.3.5)
    tzinfo (1.2.2)
      thread_safe (~> 0.1)
    yajl-ruby (1.2.1)

PLATFORMS
  ruby

DEPENDENCIES
  github-linguist
  github-markdown
  github-markup
  html-pipeline
  prmd
  pygments.rb
  rack
  rack-contrib
  rake
  redcarpet

BUNDLED WITH
   1.10.5
